GEM
  remote: http://rubygems.org/
  specs:
    commonjs (0.2.6)
    graphite_graph (0.0.8)
    kgio (2.8.0)
    less (2.3.1)
      commonjs (~> 0.2.6)
    libv8 (3.11.8.17)
    rack (1.5.2)
    rack-protection (1.5.0)
      rack
    raindrops (0.10.0)
    redcarpet (2.2.2)
    ref (1.0.4)
    sinatra (1.4.2)
      rack (~> 1.5, >= 1.5.2)
      rack-protection (~> 1.4)
      tilt (~> 1.3, >= 1.3.4)
    therubyracer (0.11.4)
      libv8 (~> 3.11.8.12)
      ref
    tilt (1.3.6)
    unicorn (4.6.2)
      kgio (~> 2.6)
      rack
      raindrops (~> 0.7)

PLATFORMS
  ruby

DEPENDENCIES
  graphite_graph (~> 0.0.8)
  less
  redcarpet
  sinatra
  therubyracer
  unicorn
